GIT
  remote: https://github.com/morgz/rails_sql_views.git
  revision: 0c92f229f743bb3f85ff036e4f1745130459830f
  specs:
    rails_sql_views (0.8.0.epublishing)
      activerecord

GIT
  remote: https://github.com/orslumen/record-cache.git
  revision: 23c8e7e9502abeed05bb7c1041e12201aa339813
  specs:
    record-cache (0.1.3)
      rails (> 3.0)

PATH
  remote: vendor/plugins/thumbs_up
  specs:
    thumbs_up (0.4.3)
      activerecord

GEM
  remote: http://rubygems.org/
  specs:
    actionmailer (3.1.1)
      actionpack (= 3.1.1)
      mail (~> 2.3.0)
    actionpack (3.1.1)
      activemodel (= 3.1.1)
      activesupport (= 3.1.1)
      builder (~> 3.0.0)
      erubis (~> 2.7.0)
      i18n (~> 0.6)
      rack (~> 1.3.2)
      rack-cache (~> 1.1)
      rack-mount (~> 0.8.2)
      rack-test (~> 0.6.1)
      sprockets (~> 2.0.2)
    activemodel (3.1.1)
      activesupport (= 3.1.1)
      builder (~> 3.0.0)
      i18n (~> 0.6)
    activerecord (3.1.1)
      activemodel (= 3.1.1)
      activesupport (= 3.1.1)
      arel (~> 2.2.1)
      tzinfo (~> 0.3.29)
    activerecord-import (0.3.1)
      activerecord (~> 3.0)
      activerecord (~> 3.0)
    activeresource (3.1.1)
      activemodel (= 3.1.1)
      activesupport (= 3.1.1)
    activesupport (3.1.1)
      multi_json (~> 1.0)
    activeuuid (0.5.0)
      activerecord (>= 3.1)
      uuidtools
    acts-as-messageable (0.4.9)
      activerecord (>= 3.0.0)
      activesupport (>= 3.0.0)
      ancestry (>= 1.3.0)
      railties (>= 3.0.0)
    acts-as-taggable-on (2.2.2)
      rails (~> 3.0)
    acts_as_commentable (4.0.2)
    acts_as_follower (0.2.1)
    acts_as_rateable (2.0.1)
    addressable (2.3.6)
    amazon-ecs (2.2.5)
      nokogiri (~> 1.4)
      ruby-hmac (~> 0.3)
    ancestry (2.1.0)
      activerecord (>= 3.0.0)
    ansi (1.4.3)
    arel (2.2.3)
    attr_required (1.0.0)
    aws-sdk (1.59.0)
      aws-sdk-v1 (= 1.59.0)
    aws-sdk-v1 (1.59.0)
      json (~> 1.4)
      nokogiri (>= 1.4.4)
    bcrypt (3.1.9)
    bcrypt-ruby (3.1.5)
      bcrypt (>= 3.1.3)
    bson (1.11.1)
    bson_ext (1.11.1)
      bson (~> 1.11.1)
    builder (3.0.4)
    citier (0.1.15)
      rails_sql_views
    climate_control (0.0.3)
      activesupport (>= 3.0)
    clockwork (0.7.7)
      activesupport
      tzinfo
    cocaine (0.5.4)
      climate_control (>= 0.0.3, < 1.0)
    coffee-rails (3.1.1)
      coffee-script (>= 2.2.0)
      railties (~> 3.1.0)
    coffee-script (2.3.0)
      coffee-script-source
      execjs
    coffee-script-source (1.8.0)
    configatron (2.8.4)
      yamler (>= 0.1.0)
    daemons (1.1.9)
    dalli (2.7.2)
    devise (2.0.6)
      bcrypt-ruby (~> 3.0)
      orm_adapter (~> 0.0.3)
      railties (~> 3.1)
      warden (~> 1.1.1)
    erubis (2.7.0)
    eventmachine (1.0.3)
    excon (0.41.0)
    execjs (2.2.2)
    facets (2.9.3)
    faraday (0.9.0)
      multipart-post (>= 1.2, < 3)
    fb_graph (2.7.17)
      httpclient (>= 2.4)
      multi_json (>= 1.3)
      rack-oauth2 (>= 0.14.4)
      tzinfo
    feedzirra (0.8.0)
    friendly_id (4.0.10.1)
      activerecord (>= 3.0, < 4.0)
    geocoder (1.2.6)
    haml (4.0.5)
      tilt
    haml-rails (0.4)
      actionpack (>= 3.1, < 4.1)
      activesupport (>= 3.1, < 4.1)
      haml (>= 3.1, < 4.1)
      railties (>= 3.1, < 4.1)
    hashie (3.3.2)
    heroku-api (0.3.20)
      excon (~> 0.38)
      multi_json (~> 1.8)
    highcharts-rails (3.0.10)
      railties (>= 3.1)
    highline (1.6.21)
    hike (1.2.3)
    hodel_3000_compliant_logger (0.1.1)
    httparty (0.13.3)
      json (~> 1.8)
      multi_xml (>= 0.5.2)
    httpclient (2.5.3.3)
    i18n (0.6.11)
    jquery-rails (3.1.2)
      railties (>= 3.0, < 5.0)
      thor (>= 0.14, < 2.0)
    json (1.8.1)
    jwt (1.2.0)
    koala (1.10.1)
      addressable
      faraday
      multi_json
    libv8 (3.16.14.7)
    mail (2.3.3)
      i18n (>= 0.4.0)
      mime-types (~> 1.16)
      treetop (~> 1.4.8)
    mailcatcher (0.5.12)
      activesupport (~> 3.0)
      eventmachine (~> 1.0.0)
      haml (>= 3.1, < 5)
      mail (~> 2.3)
      sinatra (~> 1.2)
      skinny (~> 0.2.3)
      sqlite3 (~> 1.3)
      thin (~> 1.5.0)
    mime-types (1.25.1)
    mini_portile (0.6.1)
    minitest (4.7.5)
    mogli (0.0.28)
      httparty (>= 0.4.3)
    mongo (1.11.1)
      bson (= 1.11.1)
    mongoid (3.0.23)
      activemodel (~> 3.1)
      moped (~> 1.2)
      origin (~> 1.0)
      tzinfo (~> 0.3.22)
    mono_logger (1.1.0)
    moped (1.5.2)
    multi_json (1.10.1)
    multi_xml (0.5.5)
    multipart-post (2.0.0)
    mysql2 (0.3.17)
    netrc (0.8.0)
    nokogiri (1.6.5)
      mini_portile (~> 0.6.0)
    oauth (0.4.7)
    oauth2 (1.0.0)
      faraday (>= 0.8, < 0.10)
      jwt (~> 1.0)
      multi_json (~> 1.3)
      multi_xml (~> 0.5)
      rack (~> 1.2)
    oink (0.10.1)
      activerecord
      hodel_3000_compliant_logger
    omniauth (1.2.2)
      hashie (>= 1.2, < 4)
      rack (~> 1.0)
    omniauth-facebook (2.0.0)
      omniauth-oauth2 (~> 1.2)
    omniauth-oauth2 (1.2.0)
      faraday (>= 0.8, < 0.10)
      multi_json (~> 1.3)
      oauth2 (~> 1.0)
      omniauth (~> 1.2)
    open_uri_redirections (0.1.4)
    options (2.3.2)
    origin (1.1.0)
    orm_adapter (0.0.7)
    paperclip (4.2.0)
      activemodel (>= 3.0.0)
      activesupport (>= 3.0.0)
      cocaine (~> 0.5.3)
      mime-types
    polyglot (0.3.5)
    pr_geohash (1.0.0)
    progress_bar (1.0.3)
      highline (~> 1.6.1)
      options (~> 2.3.0)
    rack (1.3.10)
    rack-cache (1.2)
      rack (>= 0.4)
    rack-mount (0.8.3)
      rack (>= 1.0.0)
    rack-oauth2 (1.0.8)
      activesupport (>= 2.3)
      attr_required (>= 0.0.5)
      httpclient (>= 2.2.0.2)
      multi_json (>= 1.3.6)
      rack (>= 1.1)
    rack-protection (1.5.3)
      rack
    rack-ssl (1.3.4)
      rack
    rack-test (0.6.2)
      rack (>= 1.0)
    rails (3.1.1)
      actionmailer (= 3.1.1)
      actionpack (= 3.1.1)
      activerecord (= 3.1.1)
      activeresource (= 3.1.1)
      activesupport (= 3.1.1)
      bundler (~> 1.0)
      railties (= 3.1.1)
    rails_exception_handler (2.3.4)
    railties (3.1.1)
      actionpack (= 3.1.1)
      activesupport (= 3.1.1)
      rack-ssl (~> 1.3.2)
      rake (>= 0.8.7)
      rdoc (~> 3.4)
      thor (~> 0.14.6)
    rake (10.4.0)
    rdoc (3.12.2)
      json (~> 1.4)
    redis (3.0.7)
    redis-namespace (1.5.1)
      redis (~> 3.0, >= 3.0.4)
    ref (1.0.5)
    remotipart (1.2.1)
    resque (1.25.2)
      mono_logger (~> 1.0)
      multi_json (~> 1.0)
      redis-namespace (~> 1.3)
      sinatra (>= 0.9.2)
      vegas (~> 0.1.2)
    resque-retry (1.3.2)
      resque (~> 1.25)
      resque-scheduler (~> 3.0)
    resque-scheduler (3.0.0)
      mono_logger (~> 1.0)
      redis (~> 3.0)
      resque (~> 1.25)
      rufus-scheduler (~> 2.0)
    rest-client (1.7.2)
      mime-types (>= 1.16, < 3.0)
      netrc (~> 0.7)
    rsolr (1.0.10)
      builder (>= 2.1.2)
    ruby-hmac (0.4.0)
    rufus-scheduler (2.0.24)
      tzinfo (>= 0.3.22)
    sass (3.4.9)
    sass-rails (3.1.4)
      actionpack (~> 3.1.0)
      railties (~> 3.1.0)
      sass (>= 3.1.4)
      sprockets (~> 2.0.0)
      tilt (~> 1.3.2)
    simple_oauth (0.3.0)
    sinatra (1.3.3)
      rack (~> 1.3, >= 1.3.6)
      rack-protection (~> 1.2)
      tilt (~> 1.3, >= 1.3.3)
    skinny (0.2.3)
      eventmachine (~> 1.0.0)
      thin (~> 1.5.0)
    sprockets (2.0.5)
      hike (~> 1.2)
      rack (~> 1.0)
      tilt (~> 1.1, != 1.3.0)
    sqlite3 (1.3.10)
    sunspot (1.3.3)
      pr_geohash (~> 1.0)
      rsolr (~> 1.0.7)
    sunspot_rails (1.3.3)
      nokogiri
      sunspot (= 1.3.3)
    sunspot_solr (2.1.1)
    therubyracer (0.12.1)
      libv8 (~> 3.16.14.0)
      ref
    thin (1.5.1)
      daemons (>= 1.0.9)
      eventmachine (>= 0.12.6)
      rack (>= 1.0.0)
    thor (0.14.6)
    tilt (1.3.7)
    tinymce-rails (4.1.6)
      railties (>= 3.1.1)
    tinymce-rails-imageupload (3.5.6.4)
      railties (>= 3.1)
      tinymce-rails (>= 3.4.9)
    treetop (1.4.15)
      polyglot
      polyglot (>= 0.3.1)
    turn (0.9.7)
      ansi
      minitest (~> 4)
    tzinfo (0.3.42)
    uglifier (2.5.3)
      execjs (>= 0.3.0)
      json (>= 1.8.0)
    uuidtools (2.1.5)
    vegas (0.1.11)
      rack (>= 1.0.0)
    warden (1.1.1)
      rack (>= 1.0)
    will_paginate (3.0.7)
    xml-simple (1.1.4)
    yamler (0.1.0)
    youtube_it (2.4.2)
      builder
      excon
      faraday (>= 0.8, < 0.10)
      json (~> 1.8)
      nokogiri (~> 1.6.0)
      oauth (~> 0.4.4)
      oauth2 (~> 1.0.0)
      simple_oauth (>= 0.1.5)

PLATFORMS
  ruby

DEPENDENCIES
  activerecord-import (~> 0.3.1)
  activeuuid
  acts-as-messageable
  acts-as-taggable-on (~> 2.2.1)
  acts_as_commentable
  acts_as_follower
  acts_as_rateable
  addressable (~> 2.3.6)
  amazon-ecs (~> 2.2.5)
  aws-sdk
  bson_ext
  citier (~> 0.1.15)
  clockwork (~> 0.7.2)
  coffee-rails (~> 3.1.0)
  configatron (~> 2.8.4)
  dalli
  devise (~> 2.0.0)
  facets
  fb_graph
  feedzirra
  friendly_id (~> 4.0.1)
  geocoder
  haml
  haml-rails
  hashie
  heroku-api
  highcharts-rails (~> 3.0.10)
  jquery-rails
  koala
  mailcatcher
  mogli
  mongo
  mongoid
  mysql2
  nokogiri
  oauth
  oauth2
  oink (~> 0.10.1)
  omniauth
  omniauth-facebook
  omniauth-oauth2
  open_uri_redirections (~> 0.1.4)
  paperclip
  progress_bar
  rails (= 3.1.1)
  rails_exception_handler (~> 2)
  rails_sql_views!
  record-cache!
  redis (~> 3.0.7)
  remotipart (~> 1.0)
  resque (~> 1.25.2)
  resque-retry (~> 1.3.2)
  rest-client (~> 1.7.1)
  sass-rails (= 3.1.4)
  sunspot_rails (~> 1.3.1)
  sunspot_solr
  therubyracer
  thumbs_up!
  tinymce-rails
  tinymce-rails-imageupload (~> 3.5.6.3)
  turn
  uglifier
  uuidtools
  will_paginate
  xml-simple (~> 1.1.4)
  youtube_it
