GEM
  remote: http://rubygems.org/
  specs:
    actionmailer (4.2.0)
      actionpack (= 4.2.0)
      actionview (= 4.2.0)
      activejob (= 4.2.0)
      mail (~> 2.5, >= 2.5.4)
      rails-dom-testing (~> 1.0, >= 1.0.5)
    actionpack (4.2.0)
      actionview (= 4.2.0)
      activesupport (= 4.2.0)
      rack (~> 1.6.0)
      rack-test (~> 0.6.2)
      rails-dom-testing (~> 1.0, >= 1.0.5)
      rails-html-sanitizer (~> 1.0, >= 1.0.1)
    actionview (4.2.0)
      activesupport (= 4.2.0)
      builder (~> 3.1)
      erubis (~> 2.7.0)
      rails-dom-testing (~> 1.0, >= 1.0.5)
      rails-html-sanitizer (~> 1.0, >= 1.0.1)
    activejob (4.2.0)
      activesupport (= 4.2.0)
      globalid (>= 0.3.0)
    activemodel (4.2.0)
      activesupport (= 4.2.0)
      builder (~> 3.1)
    activerecord (4.2.0)
      activemodel (= 4.2.0)
      activesupport (= 4.2.0)
      arel (~> 6.0)
    activerecord-import (0.10.0)
      activerecord (>= 3.0)
    activesupport (4.2.0)
      i18n (~> 0.7)
      json (~> 1.7, >= 1.7.7)
      minitest (~> 5.1)
      thread_safe (~> 0.3, >= 0.3.4)
      tzinfo (~> 1.1)
    activeuuid (0.6.1)
      activerecord (>= 3.1)
      uuidtools
    acts-as-messageable (0.4.10)
      activerecord (>= 3.0.0)
      activesupport (>= 3.0.0)
      ancestry (>= 1.3.0)
      railties (>= 3.0.0)
    acts-as-taggable-on (2.4.1)
      rails (>= 3, < 5)
    acts_as_commentable (4.0.2)
    acts_as_follower (0.2.1)
    acts_as_rateable (2.0.1)
    addressable (2.3.8)
    amazon-ecs (2.2.5)
      nokogiri (~> 1.4)
      ruby-hmac (~> 0.3)
    ancestry (2.1.0)
      activerecord (>= 3.0.0)
    ansi (1.5.0)
    api_cache (0.3.0)
    arel (6.0.3)
    attr_required (1.0.0)
    aws-sdk (2.2.6)
      aws-sdk-resources (= 2.2.6)
    aws-sdk-core (2.2.6)
      jmespath (~> 1.0)
    aws-sdk-resources (2.2.6)
      aws-sdk-core (= 2.2.6)
    bcrypt (3.1.10)
    bson (1.12.5)
    bson_ext (1.12.5)
      bson (~> 1.12.5)
    builder (3.2.2)
    climate_control (0.0.3)
      activesupport (>= 3.0)
    clockwork (0.7.7)
      activesupport
      tzinfo
    cocaine (0.5.8)
      climate_control (>= 0.0.3, < 1.0)
    concurrent-ruby (1.0.0)
    configatron (4.5.0)
    dalli (2.7.4)
    devise (3.5.3)
      bcrypt (~> 3.0)
      orm_adapter (~> 0.1)
      railties (>= 3.2.6, < 5)
      responders
      thread_safe (~> 0.1)
      warden (~> 1.2.3)
    durran-validatable (2.0.1)
    erubis (2.7.0)
    excon (0.25.3)
    facets (3.0.0)
    faraday (0.9.2)
      multipart-post (>= 1.2, < 3)
    fb_graph (2.7.17)
      httpclient (>= 2.4)
      multi_json (>= 1.3)
      rack-oauth2 (>= 0.14.4)
      tzinfo
    feedzirra (0.8.0)
    friendly_id (5.1.0)
      activerecord (>= 4.0.0)
    geocoder (1.2.13)
    globalid (0.3.6)
      activesupport (>= 4.1.0)
    haml (4.0.7)
      tilt
    haml-rails (0.9.0)
      actionpack (>= 4.0.1)
      activesupport (>= 4.0.1)
      haml (>= 4.0.6, < 5.0)
      html2haml (>= 1.0.1)
      railties (>= 4.0.1)
    hashie (3.4.3)
    heroku-api (0.3.15)
      excon (~> 0.25.1)
    highcharts-rails (3.0.10)
      railties (>= 3.1)
    highline (1.7.8)
    hodel_3000_compliant_logger (0.1.1)
    html2haml (2.0.0)
      erubis (~> 2.7.0)
      haml (~> 4.0.0)
      nokogiri (~> 1.6.0)
      ruby_parser (~> 3.5)
    httmultiparty (0.3.16)
      httparty (>= 0.7.3)
      mimemagic
      multipart-post
    httparty (0.13.7)
      json (~> 1.8)
      multi_xml (>= 0.5.2)
    httpclient (2.7.0.1)
    i18n (0.7.0)
    jmespath (1.1.3)
    jquery-rails (4.0.5)
      rails-dom-testing (~> 1.0)
      railties (>= 4.2.0)
      thor (>= 0.14, < 2.0)
    json (1.8.3)
    jwt (1.5.2)
    koala (2.2.0)
      addressable
      faraday
      multi_json
    leshill-will_paginate (2.3.11)
    libv8 (3.16.14.13)
    loofah (2.0.3)
      nokogiri (>= 1.5.9)
    mail (2.6.3)
      mime-types (>= 1.16, < 3)
    memcachier (0.0.2)
    mime-types (2.99)
    mimemagic (0.3.0)
    mini_portile2 (2.0.0)
    minitest (5.8.3)
    mogli (0.0.46)
      hashie (>= 1.1.0)
      httmultiparty (>= 0.3.6)
      httparty (>= 0.4.3)
      multi_json (~> 1.7.8)
    mongo (1.12.5)
      bson (= 1.12.5)
    mongoid (1.0.6)
      activesupport (>= 2.2.2)
      durran-validatable (>= 2.0.1)
      leshill-will_paginate (>= 2.3.11)
      mongo (>= 0.18.2)
    mono_logger (1.1.0)
    multi_json (1.7.9)
    multi_xml (0.5.5)
    multipart-post (2.0.0)
    mysql2 (0.4.2)
    net-http-digest_auth (1.4)
    netrc (0.11.0)
    newrelic_rpm (3.14.1.311)
    nokogiri (1.6.7)
      mini_portile2 (~> 2.0.0.rc2)
    oauth (0.4.7)
    oauth2 (1.0.0)
      faraday (>= 0.8, < 0.10)
      jwt (~> 1.0)
      multi_json (~> 1.3)
      multi_xml (~> 0.5)
      rack (~> 1.2)
    oink (0.10.1)
      activerecord
      hodel_3000_compliant_logger
    omniauth (1.2.2)
      hashie (>= 1.2, < 4)
      rack (~> 1.0)
    omniauth-facebook (3.0.0)
      omniauth-oauth2 (~> 1.2)
    omniauth-oauth2 (1.4.0)
      oauth2 (~> 1.0)
      omniauth (~> 1.2)
    open_uri_redirections (0.1.4)
    options (2.3.2)
    orm_adapter (0.5.0)
    paperclip (4.3.2)
      activemodel (>= 3.2.0)
      activesupport (>= 3.2.0)
      cocaine (~> 0.5.5)
      mime-types
      mimemagic (= 0.3.0)
    phantomjs (1.9.7.1)
    pr_geohash (1.0.0)
    progress_bar (1.0.5)
      highline (~> 1.6)
      options (~> 2.3.0)
    rack (1.6.4)
    rack-oauth2 (1.2.1)
      activesupport (>= 2.3)
      attr_required (>= 0.0.5)
      httpclient (>= 2.4)
      multi_json (>= 1.3.6)
      rack (>= 1.1)
    rack-protection (1.5.3)
      rack
    rack-test (0.6.3)
      rack (>= 1.0)
    rails (4.2.0)
      actionmailer (= 4.2.0)
      actionpack (= 4.2.0)
      actionview (= 4.2.0)
      activejob (= 4.2.0)
      activemodel (= 4.2.0)
      activerecord (= 4.2.0)
      activesupport (= 4.2.0)
      bundler (>= 1.3.0, < 2.0)
      railties (= 4.2.0)
      sprockets-rails
    rails-deprecated_sanitizer (1.0.3)
      activesupport (>= 4.2.0.alpha)
    rails-dom-testing (1.0.7)
      activesupport (>= 4.2.0.beta, < 5.0)
      nokogiri (~> 1.6.0)
      rails-deprecated_sanitizer (>= 1.0.1)
    rails-html-sanitizer (1.0.2)
      loofah (~> 2.0)
    rails_exception_handler (2.3.4)
    rails_sql_views (0.8.0)
      activerecord
    railties (4.2.0)
      actionpack (= 4.2.0)
      activesupport (= 4.2.0)
      rake (>= 0.8.7)
      thor (>= 0.18.1, < 2.0)
    rake (10.4.2)
    redis (3.0.7)
    redis-namespace (1.5.2)
      redis (~> 3.0, >= 3.0.4)
    ref (2.0.0)
    remotipart (1.2.1)
    responders (2.1.0)
      railties (>= 4.2.0, < 5)
    resque (1.25.2)
      mono_logger (~> 1.0)
      multi_json (~> 1.0)
      redis-namespace (~> 1.3)
      sinatra (>= 0.9.2)
      vegas (~> 0.1.2)
    resque-retry (1.3.2)
      resque (~> 1.25)
      resque-scheduler (~> 3.0)
    resque-scheduler (3.1.0)
      mono_logger (~> 1.0)
      redis (~> 3.0)
      resque (~> 1.25)
      rufus-scheduler (~> 2.0)
    rest-client (1.7.3)
      mime-types (>= 1.16, < 3.0)
      netrc (~> 0.7)
    roo (2.1.1)
      nokogiri (~> 1)
      rubyzip (~> 1.1, < 2.0.0)
    rsolr (1.0.13)
      builder (>= 2.1.2)
    ruby-hmac (0.4.0)
    ruby_parser (3.7.2)
      sexp_processor (~> 4.1)
    rubyzip (1.1.7)
    rufus-scheduler (2.0.24)
      tzinfo (>= 0.3.22)
    sexp_processor (4.6.0)
    simple_oauth (0.3.1)
    sinatra (1.4.6)
      rack (~> 1.4)
      rack-protection (~> 1.4)
      tilt (>= 1.3, < 3)
    sprockets (3.5.2)
      concurrent-ruby (~> 1.0)
      rack (> 1, < 3)
    sprockets-rails (2.3.3)
      actionpack (>= 3.0)
      activesupport (>= 3.0)
      sprockets (>= 2.8, < 4.0)
    streamio-ffmpeg (1.0.0)
    sunspot (1.3.3)
      pr_geohash (~> 1.0)
      rsolr (~> 1.0.7)
    sunspot_rails (1.3.3)
      nokogiri
      sunspot (= 1.3.3)
    sunspot_solr (2.2.3)
    therubyracer (0.12.2)
      libv8 (~> 3.16.14.0)
      ref
    thor (0.19.1)
    thread_safe (0.3.5)
    tilt (2.0.1)
    tinymce-rails (4.3.2)
      railties (>= 3.1.1)
    tinymce-rails-imageupload (3.5.6.4)
      railties (>= 3.1)
      tinymce-rails (>= 3.4.9)
    turn (0.9.6)
      ansi
    tzinfo (1.2.2)
      thread_safe (~> 0.1)
    uuidtools (2.1.5)
    vegas (0.1.11)
      rack (>= 1.0.0)
    warden (1.2.4)
      rack (>= 1.0)
    will_paginate (3.0.7)
    xml-simple (1.1.5)
    youtube_it (2.4.2)
      builder
      excon
      faraday (>= 0.8, < 0.10)
      json (~> 1.8)
      nokogiri (~> 1.6.0)
      oauth (~> 0.4.4)
      oauth2 (~> 1.0.0)
      simple_oauth (>= 0.1.5)

PLATFORMS
  ruby

DEPENDENCIES
  activerecord-import
  activeuuid
  acts-as-messageable
  acts-as-taggable-on (~> 2.4.1)
  acts_as_commentable
  acts_as_follower
  acts_as_rateable
  addressable (~> 2.3.6)
  amazon-ecs (~> 2.2.5)
  api_cache
  aws-sdk
  bson_ext
  clockwork (~> 0.7.2)
  configatron (~> 4.5)
  dalli
  devise
  facets
  fb_graph
  feedzirra
  friendly_id
  geocoder
  haml
  haml-rails
  hashie
  heroku-api
  highcharts-rails (~> 3.0.10)
  jquery-rails
  koala
  memcachier
  mogli
  mongo
  mongoid
  mysql2
  net-http-digest_auth
  newrelic_rpm
  nokogiri
  oauth
  oauth2
  oink (~> 0.10.1)
  omniauth
  omniauth-facebook
  omniauth-oauth2
  open_uri_redirections (~> 0.1.4)
  paperclip
  phantomjs (~> 1.9.7.1)
  progress_bar
  rails (= 4.2.0)
  rails_exception_handler (~> 2)
  rails_sql_views
  redis (~> 3.0.7)
  remotipart (~> 1.0)
  resque (~> 1.25.2)
  resque-retry (~> 1.3.2)
  rest-client (~> 1.7.1)
  roo (~> 2.1.1)
  streamio-ffmpeg
  sunspot_rails
  sunspot_solr
  therubyracer
  tinymce-rails
  tinymce-rails-imageupload (~> 3.5.6.3)
  turn
  uuidtools
  will_paginate
  xml-simple (~> 1.1.4)
  youtube_it

BUNDLED WITH
   1.11.2
