GIT
  remote: https://github.com/morgz/rails_sql_views.git
  revision: 0c92f229f743bb3f85ff036e4f1745130459830f
  specs:
    rails_sql_views (0.8.0.epublishing)
      activerecord

GEM
  remote: http://rubygems.org/
  specs:
    actionmailer (4.2.7.1)
      actionpack (= 4.2.7.1)
      actionview (= 4.2.7.1)
      activejob (= 4.2.7.1)
      mail (~> 2.5, >= 2.5.4)
      rails-dom-testing (~> 1.0, >= 1.0.5)
    actionpack (4.2.7.1)
      actionview (= 4.2.7.1)
      activesupport (= 4.2.7.1)
      rack (~> 1.6)
      rack-test (~> 0.6.2)
      rails-dom-testing (~> 1.0, >= 1.0.5)
      rails-html-sanitizer (~> 1.0, >= 1.0.2)
    actionpack-action_caching (1.1.1)
      actionpack (>= 4.0.0, < 5.0)
    actionview (4.2.7.1)
      activesupport (= 4.2.7.1)
      builder (~> 3.1)
      erubis (~> 2.7.0)
      rails-dom-testing (~> 1.0, >= 1.0.5)
      rails-html-sanitizer (~> 1.0, >= 1.0.2)
    activejob (4.2.7.1)
      activesupport (= 4.2.7.1)
      globalid (>= 0.3.0)
    activemodel (4.2.7.1)
      activesupport (= 4.2.7.1)
      builder (~> 3.1)
    activerecord (4.2.7.1)
      activemodel (= 4.2.7.1)
      activesupport (= 4.2.7.1)
      arel (~> 6.0)
    activerecord-import (0.16.0)
      activerecord (>= 3.2)
    activesupport (4.2.7.1)
      i18n (~> 0.7)
      json (~> 1.7, >= 1.7.7)
      minitest (~> 5.1)
      thread_safe (~> 0.3, >= 0.3.4)
      tzinfo (~> 1.1)
    activeuuid (0.6.1)
      activerecord (>= 3.1)
      uuidtools
    acts-as-messageable (0.4.10)
      activerecord (>= 3.0.0)
      activesupport (>= 3.0.0)
      ancestry (>= 1.3.0)
      railties (>= 3.0.0)
    acts-as-taggable-on (2.4.1)
      rails (>= 3, < 5)
    acts_as_commentable (4.0.2)
    acts_as_follower (0.2.1)
    addressable (2.3.8)
    amazon-ecs (2.2.5)
      nokogiri (~> 1.4)
      ruby-hmac (~> 0.3)
    ancestry (2.1.0)
      activerecord (>= 3.0.0)
    ansi (1.5.0)
    api_cache (0.3.0)
    arel (6.0.3)
    attr_required (1.0.1)
    aws-sdk (2.6.6)
      aws-sdk-resources (= 2.6.6)
    aws-sdk-core (2.6.6)
      jmespath (~> 1.0)
    aws-sdk-resources (2.6.6)
      aws-sdk-core (= 2.6.6)
    bcrypt (3.1.11)
    bson (4.1.1)
    bson_ext (1.5.1)
    builder (3.2.2)
    climate_control (0.0.3)
      activesupport (>= 3.0)
    cocaine (0.5.8)
      climate_control (>= 0.0.3, < 1.0)
    coffee-rails (4.2.1)
      coffee-script (>= 2.2.0)
      railties (>= 4.0.0, < 5.2.x)
    coffee-script (2.4.1)
      coffee-script-source
      execjs
    coffee-script-source (1.10.0)
    concurrent-ruby (1.0.2)
    configatron (4.5.0)
    dalli (2.7.6)
    devise (3.4.1)
      bcrypt (~> 3.0)
      orm_adapter (~> 0.1)
      railties (>= 3.2.6, < 5)
      responders
      thread_safe (~> 0.1)
      warden (~> 1.2.3)
    erubis (2.7.0)
    excon (0.25.3)
    execjs (2.7.0)
    facets (3.1.0)
    faraday (0.9.2)
      multipart-post (>= 1.2, < 3)
    faraday_middleware (0.10.0)
      faraday (>= 0.7.4, < 0.10)
    fb_graph (2.7.17)
      httpclient (>= 2.4)
      multi_json (>= 1.3)
      rack-oauth2 (>= 0.14.4)
      tzinfo
    feedjira (2.0.0)
      faraday (~> 0.9)
      faraday_middleware (~> 0.9)
      loofah (~> 2.0)
      sax-machine (~> 1.0)
    friendly_id (5.1.0)
      activerecord (>= 4.0.0)
    geocoder (1.4.0)
    get_process_mem (0.2.1)
    globalid (0.3.7)
      activesupport (>= 4.1.0)
    haml (4.0.7)
      tilt
    haml-rails (0.9.0)
      actionpack (>= 4.0.1)
      activesupport (>= 4.0.1)
      haml (>= 4.0.6, < 5.0)
      html2haml (>= 1.0.1)
      railties (>= 4.0.1)
    hashie (3.4.6)
    heroku-api (0.3.15)
      excon (~> 0.25.1)
    highcharts-rails (3.0.10)
      railties (>= 3.1)
    hodel_3000_compliant_logger (0.1.1)
    html2haml (2.0.0)
      erubis (~> 2.7.0)
      haml (~> 4.0.0)
      nokogiri (~> 1.6.0)
      ruby_parser (~> 3.5)
    httmultiparty (0.3.16)
      httparty (>= 0.7.3)
      mimemagic
      multipart-post
    httparty (0.14.0)
      multi_xml (>= 0.5.2)
    httpclient (2.8.2.4)
    i18n (0.7.0)
    jmespath (1.3.1)
    jquery-rails (3.1.4)
      railties (>= 3.0, < 5.0)
      thor (>= 0.14, < 2.0)
    jquery-ui-rails (5.0.5)
      railties (>= 3.2.16)
    json (1.8.3)
    jwt (1.5.6)
    libv8 (3.16.14.15)
    loofah (2.0.3)
      nokogiri (>= 1.5.9)
    mail (2.6.4)
      mime-types (>= 1.16, < 4)
    memcachier (0.0.2)
    mime-types (2.99.3)
    mimemagic (0.3.0)
    mini_portile2 (2.1.0)
    minitest (5.9.1)
    mogli (0.0.46)
      hashie (>= 1.1.0)
      httmultiparty (>= 0.3.6)
      httparty (>= 0.4.3)
      multi_json (~> 1.7.8)
    mongo (2.3.0)
      bson (~> 4.1)
    mongoid (5.1.4)
      activemodel (~> 4.0)
      mongo (~> 2.1)
      origin (~> 2.2)
      tzinfo (>= 0.3.37)
    mono_logger (1.1.0)
    mreinsch-acts_as_rateable (2.0.1)
    multi_json (1.7.9)
    multi_xml (0.5.5)
    multipart-post (2.0.0)
    mysql2 (0.3.21)
    net-http-digest_auth (1.4)
    netrc (0.11.0)
    newrelic_rpm (3.16.3.323)
    nokogiri (1.6.8.1)
      mini_portile2 (~> 2.1.0)
    oauth (0.4.7)
    oauth2 (1.0.0)
      faraday (>= 0.8, < 0.10)
      jwt (~> 1.0)
      multi_json (~> 1.3)
      multi_xml (~> 0.5)
      rack (~> 1.2)
    oink (0.10.1)
      activerecord
      hodel_3000_compliant_logger
    omniauth (1.3.1)
      hashie (>= 1.2, < 4)
      rack (>= 1.0, < 3)
    omniauth-facebook (4.0.0)
      omniauth-oauth2 (~> 1.2)
    omniauth-oauth2 (1.4.0)
      oauth2 (~> 1.0)
      omniauth (~> 1.2)
    open_uri_redirections (0.2.1)
    origin (2.2.0)
    orm_adapter (0.5.0)
    paperclip (4.3.7)
      activemodel (>= 3.2.0)
      activesupport (>= 3.2.0)
      cocaine (~> 0.5.5)
      mime-types
      mimemagic (= 0.3.0)
    protected_attributes (1.1.3)
      activemodel (>= 4.0.1, < 5.0)
    puma (3.6.0)
    puma_worker_killer (0.0.6)
      get_process_mem (~> 0.2)
      puma (>= 2.7, < 4)
    rack (1.6.4)
    rack-oauth2 (1.4.0)
      activesupport (>= 2.3)
      attr_required (>= 0.0.5)
      httpclient (>= 2.4)
      multi_json (>= 1.3.6)
      rack (>= 1.1)
    rack-protection (1.5.3)
      rack
    rack-test (0.6.3)
      rack (>= 1.0)
    rack-timeout (0.3.2)
    rails (4.2.7.1)
      actionmailer (= 4.2.7.1)
      actionpack (= 4.2.7.1)
      actionview (= 4.2.7.1)
      activejob (= 4.2.7.1)
      activemodel (= 4.2.7.1)
      activerecord (= 4.2.7.1)
      activesupport (= 4.2.7.1)
      bundler (>= 1.3.0, < 2.0)
      railties (= 4.2.7.1)
      sprockets-rails
    rails-deprecated_sanitizer (1.0.3)
      activesupport (>= 4.2.0.alpha)
    rails-dom-testing (1.0.7)
      activesupport (>= 4.2.0.beta, < 5.0)
      nokogiri (~> 1.6.0)
      rails-deprecated_sanitizer (>= 1.0.1)
    rails-html-sanitizer (1.0.3)
      loofah (~> 2.0)
    rails_exception_handler (2.3.4)
    rails_stdout_logging (0.0.5)
    railties (4.2.7.1)
      actionpack (= 4.2.7.1)
      activesupport (= 4.2.7.1)
      rake (>= 0.8.7)
      thor (>= 0.18.1, < 2.0)
    rake (11.3.0)
    redis (3.0.7)
    redis-namespace (1.5.2)
      redis (~> 3.0, >= 3.0.4)
    ref (2.0.0)
    remotipart (1.3.1)
    responders (2.3.0)
      railties (>= 4.2.0, < 5.1)
    resque (1.25.2)
      mono_logger (~> 1.0)
      multi_json (~> 1.0)
      redis-namespace (~> 1.3)
      sinatra (>= 0.9.2)
      vegas (~> 0.1.2)
    resque-retry (1.3.2)
      resque (~> 1.25)
      resque-scheduler (~> 3.0)
    resque-scheduler (3.1.0)
      mono_logger (~> 1.0)
      redis (~> 3.0)
      resque (~> 1.25)
      rufus-scheduler (~> 2.0)
    rest-client (1.7.3)
      mime-types (>= 1.16, < 3.0)
      netrc (~> 0.7)
    ruby-hmac (0.4.0)
    ruby_parser (3.8.3)
      sexp_processor (~> 4.1)
    rufus-scheduler (2.0.24)
      tzinfo (>= 0.3.22)
    sass (3.4.22)
    sass-rails (5.0.6)
      railties (>= 4.0.0, < 6)
      sass (~> 3.1)
      sprockets (>= 2.8, < 4.0)
      sprockets-rails (>= 2.0, < 4.0)
      tilt (>= 1.1, < 3)
    sax-machine (1.3.2)
    sexp_processor (4.7.0)
    simple_oauth (0.3.1)
    sinatra (1.4.7)
      rack (~> 1.5)
      rack-protection (~> 1.4)
      tilt (>= 1.3, < 3)
    spring (2.0.0)
      activesupport (>= 4.2)
    sprockets (3.7.0)
      concurrent-ruby (~> 1.0)
      rack (> 1, < 3)
    sprockets-rails (3.2.0)
      actionpack (>= 4.0)
      activesupport (>= 4.0)
      sprockets (>= 3.0.0)
    sunspot_solr (2.2.6)
    therubyracer (0.12.2)
      libv8 (~> 3.16.14.0)
      ref
    thor (0.19.1)
    thread_safe (0.3.5)
    tilt (2.0.5)
    tinymce-rails (4.4.3)
      railties (>= 3.1.1)
    tinymce-rails-imageupload (3.5.6.4)
      railties (>= 3.1)
      tinymce-rails (>= 3.4.9)
    turn (0.9.6)
      ansi
    tzinfo (1.2.2)
      thread_safe (~> 0.1)
    uglifier (3.0.2)
      execjs (>= 0.3.0, < 3)
    uuidtools (2.1.5)
    vegas (0.1.11)
      rack (>= 1.0.0)
    warden (1.2.6)
      rack (>= 1.0)
    will_paginate (3.1.3)
    xml-simple (1.1.5)
    youtube_it (2.4.2)
      builder
      excon
      faraday (>= 0.8, < 0.10)
      json (~> 1.8)
      nokogiri (~> 1.6.0)
      oauth (~> 0.4.4)
      oauth2 (~> 1.0.0)
      simple_oauth (>= 0.1.5)

PLATFORMS
  ruby

DEPENDENCIES
  actionpack-action_caching
  activerecord-import
  activeuuid
  acts-as-messageable
  acts-as-taggable-on (~> 2.4.1)
  acts_as_commentable
  acts_as_follower
  addressable (~> 2.3.6)
  amazon-ecs (~> 2.2.5)
  api_cache
  aws-sdk
  bson_ext
  coffee-rails
  configatron
  dalli
  devise (~> 3.4.0)
  facets
  fb_graph
  feedjira
  friendly_id
  geocoder
  haml
  haml-rails
  hashie
  heroku-api
  highcharts-rails (~> 3.0.10)
  jquery-rails (~> 3.1.2)
  jquery-ui-rails
  memcachier
  mogli
  mongo
  mongoid
  mreinsch-acts_as_rateable
  mysql2 (~> 0.3.18)
  net-http-digest_auth
  newrelic_rpm
  nokogiri
  oauth
  oauth2
  oink
  omniauth
  omniauth-facebook
  omniauth-oauth2
  open_uri_redirections (~> 0.2.0)
  paperclip
  protected_attributes
  puma
  puma_worker_killer (~> 0.0.6)
  rack-timeout (~> 0.3.2)
  rails (~> 4.0)
  rails_exception_handler (~> 2)
  rails_sql_views!
  rails_stdout_logging (~> 0.0.4)
  redis (~> 3.0.7)
  remotipart (~> 1.0)
  resque (~> 1.25.2)
  resque-retry (~> 1.3.2)
  rest-client (~> 1.7.1)
  sass-rails
  spring
  sunspot_solr
  therubyracer
  tinymce-rails
  tinymce-rails-imageupload (~> 3.5.6.3)
  turn
  uglifier
  will_paginate
  xml-simple (~> 1.1.4)
  youtube_it

RUBY VERSION
   ruby 2.0.0p643

BUNDLED WITH
   1.13.2
