GIT
  remote: https://github.com/morgz/rails_sql_views.git
  revision: 0c92f229f743bb3f85ff036e4f1745130459830f
  specs:
    rails_sql_views (0.8.0.epublishing)
      activerecord

PATH
  remote: vendor/plugins/thumbs_up
  specs:
    thumbs_up (0.4.3)
      activerecord

GEM
  remote: http://rubygems.org/
  specs:
    actionmailer (3.1.1)
      actionpack (= 3.1.1)
      mail (~> 2.3.0)
    actionpack (3.1.1)
      activemodel (= 3.1.1)
      activesupport (= 3.1.1)
      builder (~> 3.0.0)
      erubis (~> 2.7.0)
      i18n (~> 0.6)
      rack (~> 1.3.2)
      rack-cache (~> 1.1)
      rack-mount (~> 0.8.2)
      rack-test (~> 0.6.1)
      sprockets (~> 2.0.2)
    activemodel (3.1.1)
      activesupport (= 3.1.1)
      builder (~> 3.0.0)
      i18n (~> 0.6)
    activerecord (3.1.1)
      activemodel (= 3.1.1)
      activesupport (= 3.1.1)
      arel (~> 2.2.1)
      tzinfo (~> 0.3.29)
    activerecord-import (0.3.1)
      activerecord (~> 3.0)
    activeresource (3.1.1)
      activemodel (= 3.1.1)
      activesupport (= 3.1.1)
    activesupport (3.1.1)
      multi_json (~> 1.0)
    activeuuid (0.5.0)
      activerecord (>= 3.1)
      uuidtools
    acts-as-messageable (0.4.5)
      activerecord (>= 3.0.0)
      activesupport (>= 3.0.0)
      ancestry (~> 1.2.4)
      railties (>= 3.0.0)
    acts-as-taggable-on (2.4.1)
      rails (>= 3, < 5)
    acts_as_commentable (3.0.1)
    acts_as_follower (0.1.1)
    acts_as_rateable (2.0.1)
    addressable (2.3.6)
    amazon-ecs (2.2.5)
      nokogiri (~> 1.4)
      ruby-hmac (~> 0.3)
    ancestry (1.2.5)
      activerecord (>= 2.2.2)
    ansi (1.4.3)
    api_cache (0.3.0)
    arel (2.2.3)
    attr_required (0.0.5)
    aws-sdk (1.6.3)
      httparty (~> 0.7)
      json (~> 1.4)
      nokogiri (>= 1.4.4)
      uuidtools (~> 2.1)
    bcrypt-ruby (3.0.1)
    bson (1.11.1)
    bson_ext (1.11.1)
      bson (~> 1.11.1)
    builder (3.0.0)
    citier (0.1.15)
      rails_sql_views
    cocaine (0.2.1)
    coffee-rails (3.1.1)
      coffee-script (>= 2.2.0)
      railties (~> 3.1.0)
    coffee-script (2.2.0)
      coffee-script-source
      execjs
    coffee-script-source (1.3.3)
    configatron (2.8.4)
      yamler (>= 0.1.0)
    curb (0.7.18)
    dalli (1.1.4)
    devise (2.0.4)
      bcrypt-ruby (~> 3.0)
      orm_adapter (~> 0.0.3)
      railties (~> 3.1)
      warden (~> 1.1.1)
    erubis (2.7.0)
    excon (0.25.3)
    execjs (1.4.0)
      multi_json (~> 1.0)
    facets (2.9.3)
    faraday (0.8.1)
      multipart-post (~> 1.1)
    fb_graph (2.4.19)
      httpclient (>= 2.2.0.2)
      rack-oauth2 (>= 0.14.4)
      tzinfo
    feedzirra (0.1.3)
      activesupport (~> 3.1.1)
      builder (>= 2.1.2)
      curb (~> 0.7.15)
      i18n (>= 0.5.0)
      loofah (~> 1.2.0)
      nokogiri (>= 1.4.4)
      rake (>= 0.8.7)
      rdoc (~> 3.8)
      sax-machine (~> 0.1.0)
    friendly_id (4.0.8)
    geocoder (1.1.8)
    haml (3.1.6)
    haml-rails (0.3.4)
      actionpack (~> 3.0)
      activesupport (~> 3.0)
      haml (~> 3.0)
      railties (~> 3.0)
    hashie (1.2.0)
    heroku-api (0.3.15)
      excon (~> 0.25.1)
    highcharts-rails (3.0.10)
      railties (>= 3.1)
    hike (1.2.1)
    hodel_3000_compliant_logger (0.1.1)
    httmultiparty (0.3.8)
      httparty (>= 0.7.3)
      multipart-post
    httparty (0.8.3)
      multi_json (~> 1.0)
      multi_xml
    httpauth (0.1)
    httpclient (2.2.5)
    i18n (0.6.0)
    jquery-rails (1.0.19)
      railties (~> 3.0)
      thor (~> 0.14)
    json (1.7.4)
    jwt (0.1.5)
      multi_json (>= 1.0)
    libv8 (3.3.10.4)
    loofah (1.2.1)
      nokogiri (>= 1.4.4)
    mail (2.3.3)
      i18n (>= 0.4.0)
      mime-types (~> 1.16)
      treetop (~> 1.4.8)
    memcachier (0.0.2)
    mime-types (1.19)
    mogli (0.0.43)
      hashie (>= 1.1.0)
      httmultiparty (>= 0.3.6)
      httparty (>= 0.4.3)
      multi_json (>= 1.0.3, < 1.4)
    mongo (1.11.1)
      bson (= 1.11.1)
    mongoid (3.0.23)
      activemodel (~> 3.1)
      moped (~> 1.2)
      origin (~> 1.0)
      tzinfo (~> 0.3.22)
    mono_logger (1.1.0)
    moped (1.5.2)
    multi_json (1.3.6)
    multi_xml (0.5.1)
    multipart-post (1.1.5)
    mysql2 (0.3.11)
    net-http-digest_auth (1.4)
    netrc (0.9.0)
    newrelic_rpm (3.9.9.275)
    nokogiri (1.5.5)
    oauth (0.4.6)
    oauth2 (0.8.0)
      faraday (~> 0.8)
      httpauth (~> 0.1)
      jwt (~> 0.1.4)
      multi_json (~> 1.0)
      rack (~> 1.2)
    oink (0.10.1)
      activerecord
      hodel_3000_compliant_logger
    omniauth (1.1.0)
      hashie (~> 1.2)
      rack
    omniauth-facebook (1.4.1)
      omniauth-oauth2 (~> 1.1.0)
    omniauth-oauth2 (1.1.0)
      oauth2 (~> 0.8.0)
      omniauth (~> 1.0)
    open_uri_redirections (0.2.1)
    origin (1.1.0)
    orm_adapter (0.0.7)
    paperclip (3.1.4)
      activemodel (>= 3.0.0)
      activerecord (>= 3.0.0)
      activesupport (>= 3.0.0)
      cocaine (>= 0.0.2)
      mime-types
    polyglot (0.3.3)
    pr_geohash (1.0.0)
    rack (1.3.6)
    rack-cache (1.2)
      rack (>= 0.4)
    rack-mount (0.8.3)
      rack (>= 1.0.0)
    rack-oauth2 (0.14.8)
      activesupport (>= 2.3)
      attr_required (>= 0.0.5)
      httpclient (>= 2.2.0.2)
      i18n
      json (>= 1.4.3)
      rack (>= 1.1)
    rack-protection (1.5.3)
      rack
    rack-ssl (1.3.2)
      rack
    rack-test (0.6.1)
      rack (>= 1.0)
    rack-timeout (0.3.2)
    rails (3.1.1)
      actionmailer (= 3.1.1)
      actionpack (= 3.1.1)
      activerecord (= 3.1.1)
      activeresource (= 3.1.1)
      activesupport (= 3.1.1)
      bundler (~> 1.0)
      railties (= 3.1.1)
    rails_exception_handler (2.0.2)
    rails_stdout_logging (0.0.4)
    railties (3.1.1)
      actionpack (= 3.1.1)
      activesupport (= 3.1.1)
      rack-ssl (~> 1.3.2)
      rake (>= 0.8.7)
      rdoc (~> 3.4)
      thor (~> 0.14.6)
    rake (10.4.2)
    rdoc (3.12)
      json (~> 1.4)
    redis (3.0.7)
    redis-namespace (1.5.1)
      redis (~> 3.0, >= 3.0.4)
    remotipart (1.0.2)
    resque (1.25.2)
      mono_logger (~> 1.0)
      multi_json (~> 1.0)
      redis-namespace (~> 1.3)
      sinatra (>= 0.9.2)
      vegas (~> 0.1.2)
    resque-retry (1.3.2)
      resque (~> 1.25)
      resque-scheduler (~> 3.0)
    resque-scheduler (3.0.0)
      mono_logger (~> 1.0)
      redis (~> 3.0)
      resque (~> 1.25)
      rufus-scheduler (~> 2.0)
    rest-client (1.7.2)
      mime-types (>= 1.16, < 3.0)
      netrc (~> 0.7)
    rsolr (1.0.8)
      builder (>= 2.1.2)
    ruby-hmac (0.4.0)
    rufus-scheduler (2.0.24)
      tzinfo (>= 0.3.22)
    sass (3.1.20)
    sass-rails (3.1.4)
      actionpack (~> 3.1.0)
      railties (~> 3.1.0)
      sass (>= 3.1.4)
      sprockets (~> 2.0.0)
      tilt (~> 1.3.2)
    sax-machine (0.1.0)
      nokogiri (> 0.0.0)
    simple_oauth (0.1.9)
    sinatra (1.3.3)
      rack (~> 1.3, >= 1.3.6)
      rack-protection (~> 1.2)
      tilt (~> 1.3, >= 1.3.3)
    sprockets (2.0.4)
      hike (~> 1.2)
      rack (~> 1.0)
      tilt (~> 1.1, != 1.3.0)
    sunspot (1.3.3)
      pr_geohash (~> 1.0)
      rsolr (~> 1.0.7)
    sunspot_rails (1.3.3)
      nokogiri
      sunspot (= 1.3.3)
    sunspot_solr (1.3.3)
    therubyracer (0.10.2)
      libv8 (~> 3.3.10)
    thor (0.14.6)
    tilt (1.3.3)
    tinymce-rails (3.5.6)
      railties (>= 3.1.1)
    tinymce-rails-imageupload (3.5.6.3)
      railties (>= 3.1)
      tinymce-rails (>= 3.4.9)
    treetop (1.4.10)
      polyglot
      polyglot (>= 0.3.1)
    turn (0.9.6)
      ansi
    tzinfo (0.3.33)
    uglifier (1.2.7)
      execjs (>= 0.3.0)
      multi_json (~> 1.3)
    uuidtools (2.1.3)
    vegas (0.1.11)
      rack (>= 1.0.0)
    warden (1.1.1)
      rack (>= 1.0)
    will_paginate (3.0.3)
    xml-simple (1.1.4)
    yamler (0.1.0)
    youtube_it (2.1.7)
      builder
      faraday (~> 0.8)
      nokogiri (~> 1.5.2)
      oauth (~> 0.4.4)
      oauth2 (~> 0.6)
      simple_oauth (~> 0.1.5)

PLATFORMS
  ruby

DEPENDENCIES
  activerecord-import (~> 0.3.1)
  activeuuid
  acts-as-messageable
  acts-as-taggable-on (~> 2.4.1)
  acts_as_commentable
  acts_as_follower
  acts_as_rateable
  addressable (~> 2.3.6)
  amazon-ecs (~> 2.2.5)
  api_cache
  aws-sdk
  bson_ext
  citier (~> 0.1.15)
  coffee-rails (~> 3.1.0)
  configatron (~> 2.8.4)
  dalli
  devise (~> 2.0.0)
  facets
  fb_graph
  feedzirra (~> 0.1.3)
  friendly_id (~> 4.0.1)
  geocoder
  haml
  haml-rails
  hashie
  heroku-api
  highcharts-rails (~> 3.0.10)
  jquery-rails
  memcachier
  mogli
  mongo
  mongoid
  mysql2
  net-http-digest_auth
  newrelic_rpm
  nokogiri
  oauth
  oauth2
  oink (~> 0.10.1)
  omniauth
  omniauth-facebook
  omniauth-oauth2
  open_uri_redirections (~> 0.2.0)
  paperclip
  rack-timeout (~> 0.3.2)
  rails (= 3.1.1)
  rails_exception_handler (~> 2)
  rails_sql_views!
  rails_stdout_logging (~> 0.0.4)
  redis (~> 3.0.7)
  remotipart (~> 1.0)
  resque (~> 1.25.2)
  resque-retry (~> 1.3.2)
  rest-client (~> 1.7.1)
  sass-rails (= 3.1.4)
  sunspot_rails (~> 1.3.1)
  sunspot_solr
  therubyracer
  thumbs_up!
  tinymce-rails
  tinymce-rails-imageupload (~> 3.5.6.3)
  turn
  uglifier
  will_paginate
  xml-simple (~> 1.1.4)
  youtube_it
